GEM
  remote: https://rubygems.org/
  specs:
    attr_extras (5.2.0)
    mini_portile2 (2.3.0)
    nokogiri (1.8.1)
      mini_portile2 (~> 2.3.0)
    sqlite3 (1.3.13)

PLATFORMS
  ruby

DEPENDENCIES
  attr_extras (~> 5.2)
  nokogiri (~> 1.8)
  sqlite3 (~> 1.3)

RUBY VERSION
   ruby 2.4.1p111

BUNDLED WITH
   1.15.3
